PATH
  remote: .
  specs:
    agile_board (1.0.0)

GEM
  remote: https://rubygems.org/
  specs:
    actionpack (4.1.7)
      actionview (= 4.1.7)
      activesupport (= 4.1.7)
      rack (~> 1.5.2)
      rack-test (~> 0.6.2)
    actionview (4.1.7)
      activesupport (= 4.1.7)
      builder (~> 3.1)
      erubis (~> 2.7.0)
    activesupport (4.1.7)
      i18n (~> 0.6, >= 0.6.9)
      json (~> 1.7, >= 1.7.7)
      minitest (~> 5.1)
      thread_safe (~> 0.1)
      tzinfo (~> 1.1)
    atomic (1.1.16)
    builder (3.2.2)
    debugger-ruby_core_source (1.3.5)
    erubis (2.7.0)
    i18n (0.6.11)
    json (1.8.1)
    minitest (5.4.2)
    mysql2 (0.3.16)
    peek (0.1.9)
      atomic (>= 1.0.0)
      railties (>= 3.0.0)
    peek-mysql2 (1.1.0)
      atomic (>= 1.0.0)
      mysql2
      peek
    peek-performance_bar (1.1.6)
      peek (>= 0.1.0)
    peek-rblineprof (0.1.2)
      peek
      rblineprof
    rack (1.5.2)
    rack-test (0.6.2)
      rack (>= 1.0)
    railties (4.1.7)
      actionpack (= 4.1.7)
      activesupport (= 4.1.7)
      rake (>= 0.8.7)
      thor (>= 0.18.1, < 2.0)
    rake (10.3.2)
    rblineprof (0.3.6)
      debugger-ruby_core_source (~> 1.3)
    thor (0.19.1)
    thread_safe (0.3.4)
    tzinfo (1.2.2)
      thread_safe (~> 0.1)

PLATFORMS
  ruby

DEPENDENCIES
  agile_board!
  peek
  peek-mysql2
  peek-performance_bar
  peek-rblineprof
